GEM
  remote: http://rubygems.org/
  specs:
    coffee-script (2.2.0)
      coffee-script-source
      execjs
    coffee-script-source (1.2.0)
    eco (1.0.0)
      coffee-script
      eco-source
      execjs
    eco-source (1.1.0.rc.1)
    execjs (1.3.0)
      multi_json (~> 1.0)
    hike (1.2.1)
    multi_json (1.1.0)
    rack (1.4.1)
    sass (3.1.15)
    sprockets (2.3.1)
      hike (~> 1.2)
      multi_json (~> 1.0)
      rack (~> 1.0)
      tilt (~> 1.1, != 1.3.0)
    tilt (1.3.3)

PLATFORMS
  ruby

DEPENDENCIES
  coffee-script (~> 2.2)
  eco (~> 1.0)
  sass (~> 3.1)
  sprockets (~> 2.3)
